GEM
  remote: https://rubygems.org/
  specs:
    cuba (3.3.0)
      rack
    rack (1.6.0)
    tilt (1.4.1)

PLATFORMS
  ruby

DEPENDENCIES
  cuba
  tilt
